PATH
  remote: .
  specs:
    ansible4ozw (0.0.2)
      bindata (~> 1.4.5)
      onstomp (~> 1.0.7)
      thrift (~> 0.9.0)

GEM
  remote: http://rubygems.org/
  remote: http://rubygems.org/
  remote: http://rubygems.org/
  remote: http://gems.rubyforge.org/
  remote: http://rubygems.org/
  remote: http://gemcutter.org/
  specs:
    bindata (1.4.5)
    onstomp (1.0.7)
    thrift (0.9.0)

PLATFORMS
  ruby

DEPENDENCIES
  ansible4ozw!
